GEM
  remote: https://rubygems.org/
  specs:
    chunky_png (1.3.11)
    ffi (1.11.1)
    image_processing (1.9.3)
      mini_magick (>= 4.9.5, < 5)
      ruby-vips (>= 2.0.13, < 3)
    mini_magick (4.9.5)
    rqrcode (1.1.2)
      chunky_png (~> 1.0)
      rqrcode_core (~> 0.1)
    rqrcode_core (0.1.1)
    ruby-vips (2.0.16)
      ffi (~> 1.9)

PLATFORMS
  ruby

DEPENDENCIES
  image_processing (~> 1.0)
  rqrcode

BUNDLED WITH
   2.0.2
